GEM
  remote: https://rubygems.org/
  specs:
    hipchat (1.5.2)
      httparty
      mimemagic
    httparty (0.13.5)
      json (~> 1.8)
      multi_xml (>= 0.5.2)
    json (1.8.3)
    mimemagic (0.3.0)
    mini_portile (0.6.2)
    multi_xml (0.5.5)
    nokogiri (1.6.6.2)
      mini_portile (~> 0.6.0)

PLATFORMS
  ruby

DEPENDENCIES
  hipchat
  nokogiri

BUNDLED WITH
   1.10.3
